GEM
  remote: https://rubygems.org/
  specs:
    elasticsearch-client (0.1.1)
      excon (~> 0.6.6)
      faraday (~> 0.8)
      faraday_middleware (~> 0.8.7)
      yajl-ruby (~> 1.1.0)
    excon (0.6.6)
    faraday (0.8.10)
      multipart-post (~> 1.2.0)
    faraday_middleware (0.8.8)
      faraday (>= 0.7.4, < 0.9)
    multipart-post (1.2.0)
    yajl-ruby (1.1.0)

PLATFORMS
  ruby

DEPENDENCIES
  elasticsearch-client

BUNDLED WITH
   1.10.6
